PATH
  remote: .
  specs:
    rubulex (0.7.0)
      sassc (~> 2.0)
      sinatra (~> 2.0)
      sinatra-contrib (~> 2.0)
      slim (~> 4.0)

GEM
  remote: https://www.rubygems.org/
  specs:
    backports (3.12.0)
    diff-lcs (1.3)
    ffi (1.10.0)
    ffi (1.10.0-java)
    multi_json (1.13.1)
    mustermann (1.0.3)
    rack (2.0.6)
    rack-protection (2.0.5)
      rack
    rake (12.3.2)
    rspec (3.8.0)
      rspec-core (~> 3.8.0)
      rspec-expectations (~> 3.8.0)
      rspec-mocks (~> 3.8.0)
    rspec-core (3.8.0)
      rspec-support (~> 3.8.0)
    rspec-expectations (3.8.2)
      diff-lcs (>= 1.2.0, < 2.0)
      rspec-support (~> 3.8.0)
    rspec-mocks (3.8.0)
      diff-lcs (>= 1.2.0, < 2.0)
      rspec-support (~> 3.8.0)
    rspec-support (3.8.0)
    sassc (2.0.1)
      ffi (~> 1.9)
      rake
    sinatra (2.0.5)
      mustermann (~> 1.0)
      rack (~> 2.0)
      rack-protection (= 2.0.5)
      tilt (~> 2.0)
    sinatra-contrib (2.0.5)
      backports (>= 2.8.2)
      multi_json
      mustermann (~> 1.0)
      rack-protection (= 2.0.5)
      sinatra (= 2.0.5)
      tilt (>= 1.3, < 3)
    slim (4.0.1)
      temple (>= 0.7.6, < 0.9)
      tilt (>= 2.0.6, < 2.1)
    temple (0.8.1)
    tilt (2.0.9)

PLATFORMS
  java
  ruby

DEPENDENCIES
  rspec (~> 3.8.0)
  rubulex!

BUNDLED WITH
   1.16.2
